PATH
  remote: .
  specs:
    fog-backblaze (0.1.1)
      fog-core

GEM
  remote: https://rubygems.org/
  specs:
    builder (3.2.3)
    excon (0.61.0)
    fog-core (2.1.0)
      builder
      excon (~> 0.58)
      formatador (~> 0.2)
      mime-types
    formatador (0.2.5)
    mime-types (3.1)
      mime-types-data (~> 3.2015)
    mime-types-data (3.2016.0521)
    minitest (5.11.3)
    rake (12.3.1)

PLATFORMS
  ruby

DEPENDENCIES
  bundler (>= 1.15)
  fog-backblaze!
  minitest (>= 5.0)
  rake (~> 12.0)

BUNDLED WITH
   1.16.1
